Brain Vision Data Exchange Header File Version 2.0
; Data created from history path: asalab_export_asa_Segment_1/Raw Data

[Common Infos]
Codepage=UTF-8
DataFile=bv_export_asa_txt_txt_vector.dat
MarkerFile=bv_export_asa_txt_txt_vector.vmrk
DataFormat=ASCII
; Data orientation: VECTORIZED=ch1,pt1, ch1,pt2..., MULTIPLEXED=ch1,pt1, ch2,pt1 ...
DataOrientation=VECTORIZED
DataType=TIMEDOMAIN
NumberOfChannels=34
DataPoints=5120
; Sampling interval in microseconds if time domain (convert to Hertz:
; 1000000 / SamplingInterval) or in Hertz if frequency domain:
SamplingInterval=1953.125

[User Infos]
; Each entry: Prop<Number>=<Type>,<Name>,<Value>,<Value2>,...,<ValueN>
; Property number must be unique. Types can be int, single, string, bool, byte, double, uint
; or arrays of those, indicated int-array etc
; Array types have more than one value, number of values determines size of array.
; Fields are delimited by commas, commas in strings are written \1

[ASCII Infos]
; Decimal symbol for floating point numbers: the header file always uses a dot (.),
; however the data file might use a different one
DecimalSymbol=.
; SkipLines, SkipColumns: leading lines and columns with additional information.
SkipLines=0
SkipColumns=1

[Channel Infos]
; Each entry: Ch<Channel number>=<Name>,<Reference channel name>,
; <Resolution in "Unit">,<Unit>, Future extensions...
; Fields are delimited by commas, some fields might be omitted (empty).
; Commas in channel names are coded as "\1".
Ch1=EEG Fp1-M1Ref,,,µV
Ch2=EEG Fpz-M1Ref,,,µV
Ch3=EEG Fp2-M1Ref,,,µV
Ch4=EEG F7-M1Ref,,,µV
Ch5=EEG F3-M1Ref,,,µV
Ch6=EEG Fz-M1Ref,,,µV
Ch7=EEG F4-M1Ref,,,µV
Ch8=EEG F8-M1Ref,,,µV
Ch9=EEG FC5-M1Ref,,,µV
Ch10=EEG FC1-M1Ref,,,µV
Ch11=EEG FC2-M1Ref,,,µV
Ch12=EEG FC6-M1Ref,,,µV
Ch13=EEG M1-M1Ref,,,µV
Ch14=EEG T7-M1Ref,,,µV
Ch15=EEG C3-M1Ref,,,µV
Ch16=EEG Cz-M1Ref,,,µV
Ch17=EEG C4-M1Ref,,,µV
Ch18=EEG T8-M1Ref,,,µV
Ch19=EEG M2-M1Ref,,,µV
Ch20=EEG CP5-M1Ref,,,µV
Ch21=EEG CP1-M1Ref,,,µV
Ch22=EEG CP2-M1Ref,,,µV
Ch23=EEG CP6-M1Ref,,,µV
Ch24=EEG P7-M1Ref,,,µV
Ch25=EEG P3-M1Ref,,,µV
Ch26=EEG Pz-M1Ref,,,µV
Ch27=EEG P4-M1Ref,,,µV
Ch28=EEG P8-M1Ref,,,µV
Ch29=EEG POz-M1Ref,,,µV
Ch30=EEG O1-M1Ref,,,µV
Ch31=EEG Oz-M1Ref,,,µV
Ch32=EEG O2-M1Ref,,,µV
Ch33=EEG HEOG-M1Ref,,,µV
Ch34=EEG VEOG-M1Ref,,,µV

[Channel User Infos]
; Each entry: Prop<Number>=Ch<ChannelNumber>,<Type>,<Name>,<Value>,<Value2>,...,<ValueN>
; Property number must be unique. Types can be int, single, string, bool, byte, double, uint
; or arrays of those, indicated int-array etc
; Array types have more than one value, number of values determines size of array.
; Fields are delimited by commas, commas in strings are written \1
; Properties are assigned to channels using their channel number.

[Coordinates]
; Each entry: Ch<Channel number>=<Radius>,<Theta>,<Phi>
Ch1=0,0,0
Ch2=0,0,0
Ch3=0,0,0
Ch4=0,0,0
Ch5=0,0,0
Ch6=0,0,0
Ch7=0,0,0
Ch8=0,0,0
Ch9=0,0,0
Ch10=0,0,0
Ch11=0,0,0
Ch12=0,0,0
Ch13=0,0,0
Ch14=0,0,0
Ch15=0,0,0
Ch16=0,0,0
Ch17=0,0,0
Ch18=0,0,0
Ch19=0,0,0
Ch20=0,0,0
Ch21=0,0,0
Ch22=0,0,0
Ch23=0,0,0
Ch24=0,0,0
Ch25=0,0,0
Ch26=0,0,0
Ch27=0,0,0
Ch28=0,0,0
Ch29=0,0,0
Ch30=0,0,0
Ch31=0,0,0
Ch32=0,0,0
Ch33=0,0,0
Ch34=0,0,0
