Brain Vision Data Exchange Header File Version 2.0
; Data created from history path: 02/Raw Data/Change Sampling Rate/Common Average Reference/Filters/ICA/Raw Data Inspection/Stimulus Markers/N400-Congruent

[Common Infos]
Codepage=UTF-8
DataFile=02_N400_CONG.dat
MarkerFile=02_N400_CONG.vmrk
DataFormat=ASCII
; Data orientation: VECTORIZED=ch1,pt1, ch1,pt2..., MULTIPLEXED=ch1,pt1, ch2,pt1 ...
DataOrientation=MULTIPLEXED
DataType=TIMEDOMAIN
NumberOfChannels=34
DataPoints=88500
; Sampling interval in microseconds if time domain (convert to Hertz:
; 1000000 / SamplingInterval) or in Hertz if frequency domain:
SamplingInterval=2000
SegmentationType=MARKERBASED
SegmentDataPoints=1500

[User Infos]
; Each entry: Prop<Number>=<Type>,<Name>,<Value>,<Value2>,...,<ValueN>
; Property number must be unique. Types can be int, single, string, bool, byte, double, uint
; or arrays of those, indicated int-array etc
; Array types have more than one value, number of values determines size of array.
; Fields are delimited by commas, commas in strings are written \1

[ASCII Infos]
; Decimal symbol for floating point numbers: the header file always uses a dot (.),
; however the data file might use a different one
DecimalSymbol=.
; SkipLines, SkipColumns: leading lines and columns with additional information.
SkipLines=1
SkipColumns=0

[Channel Infos]
; Each entry: Ch<Channel number>=<Name>,<Reference channel name>,
; <Resolution in "Unit">,<Unit>, Future extensions...
; Fields are delimited by commas, some fields might be omitted (empty).
; Commas in channel names are coded as "\1".
Ch1=Fp1,CA,,µV
Ch2=Fpz,CA,,µV
Ch3=Fp2,CA,,µV
Ch4=F7,CA,,µV
Ch5=F3,CA,,µV
Ch6=Fz,CA,,µV
Ch7=F4,CA,,µV
Ch8=F8,CA,,µV
Ch9=FC5,CA,,µV
Ch10=FC1,CA,,µV
Ch11=FC2,CA,,µV
Ch12=FC6,CA,,µV
Ch13=M1,CA,,µV
Ch14=T7,CA,,µV
Ch15=C3,CA,,µV
Ch16=Cz,CA,,µV
Ch17=C4,CA,,µV
Ch18=T8,CA,,µV
Ch19=M2,CA,,µV
Ch20=CP5,CA,,µV
Ch21=CP1,CA,,µV
Ch22=CP2,CA,,µV
Ch23=CP6,CA,,µV
Ch24=P7,CA,,µV
Ch25=P3,CA,,µV
Ch26=Pz,CA,,µV
Ch27=P4,CA,,µV
Ch28=P8,CA,,µV
Ch29=POz,CA,,µV
Ch30=O1,CA,,µV
Ch31=Oz,CA,,µV
Ch32=O2,CA,,µV
Ch33=EOGH,CA,,µV
Ch34=EOGV,CA,,µV

[Channel User Infos]
; Each entry: Prop<Number>=Ch<ChannelNumber>,<Type>,<Name>,<Value>,<Value2>,...,<ValueN>
; Property number must be unique. Types can be int, single, string, bool, byte, double, uint
; or arrays of those, indicated int-array etc
; Array types have more than one value, number of values determines size of array.
; Fields are delimited by commas, commas in strings are written \1
; Properties are assigned to channels using their channel number.

[Coordinates]
; Each entry: Ch<Channel number>=<Radius>,<Theta>,<Phi>
Ch1=1,-90,-72
Ch2=1,90,90
Ch3=1,90,72
Ch4=1,-90,-36
Ch5=1,-60,-51
Ch6=1,45,90
Ch7=1,60,51
Ch8=1,90,36
Ch9=1,-69,-21
Ch10=1,-31,-46
Ch11=1,31,46
Ch12=1,69,21
Ch13=0,0,0
Ch14=1,-90,0
Ch15=1,-45,0
Ch16=1,0,0
Ch17=1,45,0
Ch18=1,90,0
Ch19=0,0,0
Ch20=1,-69,21
Ch21=1,-31,46
Ch22=1,31,-46
Ch23=1,69,-21
Ch24=1,-90,36
Ch25=1,-60,51
Ch26=1,45,-90
Ch27=1,60,-51
Ch28=1,90,-36
Ch29=1,67,-90
Ch30=1,-90,72
Ch31=1,90,-90
Ch32=1,90,-72
Ch33=0,0,0
Ch34=0,0,0
